GIT
  remote: https://github.com/rodjek/rspec-puppet.git
  revision: 43fea603a5f308731e9b51337fb9adc66fa72d18
  tag: v2.0.0
  specs:
    rspec-puppet (2.0.0)
      rspec (~> 2.0)

GEM
  remote: https://rubygems.org/
  specs:
    CFPropertyList (2.2.8)
    diff-lcs (1.2.5)
    docile (1.1.5)
    facter (2.4.0)
      CFPropertyList (~> 2.2.6)
    hiera (1.3.4)
      json_pure
    highline (1.6.21)
    json (1.8.2)
    json_pure (1.8.2)
    kitchen-puppet (0.0.21)
    kitchen-vagrant (0.15.0)
      test-kitchen (~> 1.0)
    metaclass (0.0.4)
    metadata-json-lint (0.0.4)
      json
      spdx-licenses (~> 1.0)
    mime-types (1.25.1)
    mixlib-shellout (2.0.1)
    mocha (1.1.0)
      metaclass (~> 0.0.1)
    multi_json (1.10.1)
    net-scp (1.2.1)
      net-ssh (>= 2.6.5)
    net-ssh (2.9.2)
    puppet (3.7.4)
      facter (> 1.6, < 3)
      hiera (~> 1.0)
      json_pure
    puppet-blacksmith (3.1.1)
      puppet (>= 2.7.16)
      rest-client
    puppet-lint (1.0.1)
    puppet-syntax (1.4.1)
      rake
    puppetlabs_spec_helper (0.8.2)
      mocha
      puppet-lint
      puppet-syntax
      rake
      rspec
      rspec-puppet
    rake (10.4.2)
    rdoc (4.2.0)
      json (~> 1.4)
    rest-client (1.6.8)
      mime-types (~> 1.16)
      rdoc (>= 2.4.2)
    rspec (2.99.0)
      rspec-core (~> 2.99.0)
      rspec-expectations (~> 2.99.0)
      rspec-mocks (~> 2.99.0)
    rspec-core (2.99.2)
    rspec-expectations (2.99.2)
      diff-lcs (>= 1.1.3, < 2.0)
    rspec-its (1.0.1)
      rspec-core (>= 2.99.0.beta1)
      rspec-expectations (>= 2.99.0.beta1)
    rspec-mocks (2.99.3)
    safe_yaml (1.0.4)
    serverspec (1.16.0)
      highline
      net-ssh
      rspec (~> 2.99)
      rspec-its
      specinfra (~> 1.27)
    simplecov (0.9.1)
      docile (~> 1.1.0)
      multi_json (~> 1.0)
      simplecov-html (~> 0.8.0)
    simplecov-html (0.8.0)
    spdx-licenses (1.0.0)
      json
    specinfra (1.27.5)
    test-kitchen (1.3.1)
      mixlib-shellout (>= 1.2, < 3.0)
      net-scp (~> 1.1)
      net-ssh (~> 2.7)
      safe_yaml (~> 1.0)
      thor (~> 0.18)
    thor (0.19.1)
    vagrant-wrapper (2.0.2)

PLATFORMS
  ruby

DEPENDENCIES
  facter
  json
  kitchen-puppet
  kitchen-vagrant
  metadata-json-lint (= 0.0.4)
  puppet
  puppet-blacksmith
  puppet-lint (= 1.0.1)
  puppet-syntax
  puppetlabs_spec_helper
  rake
  rest-client (= 1.6.8)
  rspec-puppet!
  serverspec
  simplecov
  test-kitchen
  vagrant-wrapper

BUNDLED WITH
   1.10.0
